GEM
  remote: https://rubygems.org/
  specs:
    backports (3.11.1)
    ffi (1.9.21)
    moji (1.6)
    multi_json (1.13.1)
    mustermann (1.0.1)
    natto (1.1.1)
      ffi (>= 1.9.0)
    rack (2.0.4)
    rack-protection (2.0.0)
      rack
    sinatra (2.0.0)
      mustermann (~> 1.0)
      rack (~> 2.0)
      rack-protection (= 2.0.0)
      tilt (~> 2.0)
    sinatra-contrib (2.0.0)
      backports (>= 2.0)
      multi_json
      mustermann (~> 1.0)
      rack-protection (= 2.0.0)
      sinatra (= 2.0.0)
      tilt (>= 1.3, < 3)
    sinatra-cross_origin (0.4.0)
    tilt (2.0.8)

PLATFORMS
  ruby

DEPENDENCIES
  moji
  natto
  sinatra
  sinatra-contrib
  sinatra-cross_origin

BUNDLED WITH
   1.16.1
